GIT
  remote: https://github.com/thekuwayama/tttls1.3.git
  revision: 333dc85668bf88755564dab4174bf930d071e10f
  specs:
    tttls1.3 (0.3.4)
      ech_config (~> 0.0.3)
      hpke
      logger
      openssl

PATH
  remote: .
  specs:
    echspec (0.0.0)
      base64
      resolv (> 0.4.0)
      tttls1.3 (~> 0.3.4)

GEM
  remote: https://rubygems.org/
  specs:
    ast (2.4.2)
    base64 (0.2.0)
    diff-lcs (1.5.1)
    ech_config (0.0.3)
      sorbet-runtime
    hpke (0.1.0)
      openssl (~> 3.0.0)
    json (2.9.1)
    language_server-protocol (3.17.0.3)
    logger (1.6.4)
    openssl (3.0.3)
    parallel (1.26.3)
    parser (3.3.6.0)
      ast (~> 2.4.1)
      racc
    racc (1.8.1)
    rainbow (3.1.1)
    rake (13.2.1)
    regexp_parser (2.10.0)
    resolv (0.6.0)
    rexml (3.4.0)
    rspec (3.13.0)
      rspec-core (~> 3.13.0)
      rspec-expectations (~> 3.13.0)
      rspec-mocks (~> 3.13.0)
    rspec-core (3.13.2)
      rspec-support (~> 3.13.0)
    rspec-expectations (3.13.3)
      diff-lcs (>= 1.2.0, < 2.0)
      rspec-support (~> 3.13.0)
    rspec-mocks (3.13.2)
      diff-lcs (>= 1.2.0, < 2.0)
      rspec-support (~> 3.13.0)
    rspec-support (3.13.2)
    rubocop (1.62.0)
      json (~> 2.3)
      language_server-protocol (>= 3.17.0)
      parallel (~> 1.10)
      parser (>= 3.3.0.2)
      rainbow (>= 2.2.2, < 4.0)
      regexp_parser (>= 1.8, < 3.0)
      rexml (>= 3.2.5, < 4.0)
      rubocop-ast (>= 1.31.1, < 2.0)
      ruby-progressbar (~> 1.7)
      unicode-display_width (>= 2.4.0, < 3.0)
    rubocop-ast (1.37.0)
      parser (>= 3.3.1.0)
    ruby-progressbar (1.13.0)
    sorbet-runtime (0.5.11708)
    unicode-display_width (2.6.0)

PLATFORMS
  arm64-darwin-23

DEPENDENCIES
  base64
  bundler
  echspec!
  rake (= 13.2.1)
  resolv (> 0.4.0)
  rspec
  rubocop (= 1.62.0)
  tttls1.3!

BUNDLED WITH
   2.4.22
